PATH
  remote: .
  specs:
    fast_underscore (0.3.3)

GEM
  remote: https://rubygems.org/
  specs:
    activesupport (7.0.4)
      concurrent-ruby (~> 1.0, >= 1.0.2)
      i18n (>= 1.6, < 2)
      minitest (>= 5.1)
      tzinfo (~> 2.0)
    ast (2.4.2)
    benchmark-ips (2.10.0)
    concurrent-ruby (1.1.10)
    i18n (1.12.0)
      concurrent-ruby (~> 1.0)
    json (2.6.3)
    minitest (5.17.0)
    nokogiri (1.13.10-arm64-darwin)
      racc (~> 1.4)
    nokogiri (1.13.10-x86_64-linux)
      racc (~> 1.4)
    parallel (1.22.1)
    parser (3.2.0.0)
      ast (~> 2.4.1)
    prettier_print (1.2.0)
    racc (1.6.2)
    rainbow (3.1.1)
    rake (13.0.6)
    rake-compiler (1.2.1)
      rake
    regexp_parser (2.6.1)
    rexml (3.2.5)
    rubocop (1.42.0)
      json (~> 2.3)
      parallel (~> 1.10)
      parser (>= 3.1.2.1)
      rainbow (>= 2.2.2, < 4.0)
      regexp_parser (>= 1.8, < 3.0)
      rexml (>= 3.2.5, < 4.0)
      rubocop-ast (>= 1.24.1, < 2.0)
      ruby-progressbar (~> 1.7)
      unicode-display_width (>= 1.4.0, < 3.0)
    rubocop-ast (1.24.1)
      parser (>= 3.1.1.0)
    ruby-progressbar (1.11.0)
    ruby_memcheck (1.2.0)
      nokogiri
    syntax_tree (5.2.0)
      prettier_print (>= 1.2.0)
    tzinfo (2.0.5)
      concurrent-ruby (~> 1.0)
    unicode-display_width (2.4.0)

PLATFORMS
  arm64-darwin-22
  x86_64-linux

DEPENDENCIES
  activesupport (~> 7.0)
  benchmark-ips (~> 2)
  bundler (~> 2)
  fast_underscore!
  minitest (~> 5)
  rake (~> 13)
  rake-compiler (~> 1)
  rubocop (~> 1.12)
  ruby_memcheck
  syntax_tree

BUNDLED WITH
   2.4.1
